PATH
  remote: .
  specs:
    rulers (0.0.1)
      rack (~> 2.2)
      webrick

GEM
  remote: https://rubygems.org/
  specs:
    minitest (5.25.4)
    rack (2.2.10)
    rack-test (2.1.0)
      rack (>= 1.3)
    rake (13.2.1)
    webrick (1.9.1)

PLATFORMS
  arm64-darwin-20

DEPENDENCIES
  minitest
  rack-test
  rake (~> 13.0)
  rulers!

BUNDLED WITH
   2.4.19
